GEM
  remote: https://rubygems.org/
  specs:
    helu (0.3)

PLATFORMS
  ruby

DEPENDENCIES
  helu (= 0.3)
